NUGET
  remote: https://www.nuget.org/api/v2
    FAKE.Core (4.52)
    FAKE.Dotnet (1.1.1)
